PATH
  remote: .
  specs:
    oni (3.1.1)

GEM
  remote: https://rubygems.org/
  specs:
    aws-sdk-v1 (1.67.0)
      json (~> 1.4)
      nokogiri (~> 1)
    diff-lcs (1.3)
    docile (1.1.5)
    json (1.8.6)
    kramdown (1.15.0)
    mini_portile2 (2.3.0)
    nokogiri (1.8.1)
      mini_portile2 (~> 2.3.0)
    rake (12.1.0)
    rspec (3.6.0)
      rspec-core (~> 3.6.0)
      rspec-expectations (~> 3.6.0)
      rspec-mocks (~> 3.6.0)
    rspec-core (3.6.0)
      rspec-support (~> 3.6.0)
    rspec-expectations (3.6.0)
      diff-lcs (>= 1.2.0, < 2.0)
      rspec-support (~> 3.6.0)
    rspec-mocks (3.6.0)
      diff-lcs (>= 1.2.0, < 2.0)
      rspec-support (~> 3.6.0)
    rspec-support (3.6.0)
    simplecov (0.15.1)
      docile (~> 1.1.0)
      json (>= 1.8, < 3)
      simplecov-html (~> 0.10.0)
    simplecov-html (0.10.2)
    yard (0.9.9)

PLATFORMS
  ruby

DEPENDENCIES
  aws-sdk-v1
  bundler
  kramdown
  oni!
  rake
  rspec (~> 3.0)
  simplecov
  yard

BUNDLED WITH
   1.15.4
